GEM
  remote: https://rubygems.org/
  specs:
    american_date (1.1.0)
    mail (2.5.4)
      mime-types (~> 1.16)
      treetop (~> 1.4.8)
    mime (0.2.0)
    mime-types (1.25.1)
    polyglot (0.3.3)
    require_all (1.3.2)
    rr (1.1.2)
    ruby-gmail (0.3.0)
      mail (>= 2.2.1)
      mime (>= 0.1)
      shared-mime-info
    shared-mime-info (0.2.5)
    treetop (1.4.15)
      polyglot
      polyglot (>= 0.3.1)

PLATFORMS
  ruby

DEPENDENCIES
  american_date
  require_all
  rr
  ruby-gmail
